NUGET
  remote: https://www.nuget.org/api/v2
    FAKE (4.40.1)
    NuGet.CommandLine (3.4.3)
    Unquote (3.0) - framework: >= net45
    xunit (2.0) - framework: >= net45
      xunit.assert (2.0)
      xunit.core (2.0)
    xunit.abstractions (2.0) - framework: >= net45
    xunit.assert (2.0) - framework: >= net45
    xunit.core (2.0) - framework: >= net45
      xunit.extensibility.core (2.0)
    xunit.extensibility.core (2.0) - framework: >= net45
      xunit.abstractions (2.0)
    xunit.runner.console (2.1)
